GEM
  remote: http://rubygems.org/
  specs:
    RedCloth (4.2.9)
    activesupport (3.2.6)
      i18n (~> 0.6)
      multi_json (~> 1.0)
    fetcher (0.1.0)
    i18n (0.6.0)
    kramdown (0.13.7)
    markdown (1.0.0)
      kramdown (>= 0.13.7)
      props (>= 1.0.0)
      textutils (>= 0.2.0)
    multi_json (1.3.6)
    pakman (0.4.0)
      fetcher (>= 0.1.0)
    props (1.0.0)
    slideshow (1.2.3)
      RedCloth (>= 4.2.9)
      activesupport (>= 3.2.6)
      markdown (>= 1.0.0)
      pakman (>= 0.4.0)
      props (>= 1.0.0)
      textutils (>= 0.2.0)
    textutils (0.2.0)

PLATFORMS
  ruby

DEPENDENCIES
  slideshow
